GEM
  remote: https://rubygems.org/
  specs:
    awesome_print (1.9.2)
    hashable (0.1.2)
    redis (4.3.1)
    redis-objects (1.5.1)
      redis (~> 4.2)

PLATFORMS
  ruby

DEPENDENCIES
  awesome_print
  bundler
  hashable
  redis-objects

RUBY VERSION
   ruby 2.7.2p137

BUNDLED WITH
   2.1.4
